GEM
  remote: https://rubygems.org/
  specs:
    addressable (2.4.0)
    ast (2.3.0)
    coderay (1.1.0)
    concurrent-ruby (1.0.0)
    connection_pool (2.2.0)
    dotenv (2.0.2)
    everypolitician-popolo (0.6.1)
    faraday (0.9.2)
      multipart-post (>= 1.2, < 3)
    json (1.8.3)
    method_source (0.8.2)
    minitest (5.8.3)
    multipart-post (2.0.0)
    octokit (4.3.0)
      sawyer (~> 0.7.0, >= 0.5.3)
    parser (2.3.1.2)
      ast (~> 2.2)
    powerpack (0.1.1)
    pry (0.10.3)
      coderay (~> 1.1.0)
      method_source (~> 0.8.1)
      slop (~> 3.4)
    pull_request_summarizer (0.3.0)
      everypolitician-popolo
      octokit
    puma (2.15.3)
    rack (1.6.4)
    rack-github_webhooks (0.3.0)
    rainbow (2.1.0)
    rake (10.4.2)
    redis (3.2.2)
    rubocop (0.42.0)
      parser (>= 2.3.1.1, < 3.0)
      powerpack (~> 0.1)
      rainbow (>= 1.99.1, < 3.0)
      ruby-progressbar (~> 1.7)
      unicode-display_width (~> 1.0, >= 1.0.1)
    ruby-progressbar (1.8.1)
    sawyer (0.7.0)
      addressable (>= 2.3.5, < 2.5)
      faraday (~> 0.8, < 0.10)
    sidekiq (4.0.1)
      concurrent-ruby (~> 1.0)
      connection_pool (~> 2.2, >= 2.2.0)
      json (~> 1.0)
      redis (~> 3.2, >= 3.2.1)
    slop (3.6.0)
    thor (0.19.1)
    unicode-display_width (1.1.0)
    webhook_handler (0.4.0)
      rack (>= 1, < 2)
      sidekiq (>= 3, < 5)
      thor

PLATFORMS
  ruby

DEPENDENCIES
  dotenv
  minitest
  octokit
  pry
  pull_request_summarizer
  puma
  rack-github_webhooks
  rake
  rubocop (~> 0.42.0)
  webhook_handler (~> 0.4.0)

RUBY VERSION
   ruby 2.3.1p112

BUNDLED WITH
   1.12.5
